GEM
  remote: https://rubygems.org/
  specs:
    chromatic (0.6.1)
    coderay (1.1.0)
    facter (1.7.4)
    hiera (1.3.1)
      json_pure
    json (1.8.1)
    json_pure (1.8.1)
    librarian-puppet (0.9.10)
      json
      thor (~> 0.15)
    method_source (0.8.2)
    pry (0.9.12.6)
      coderay (~> 1.0)
      method_source (~> 0.8)
      slop (~> 3.4)
    puppet (3.4.2)
      facter (~> 1.6)
      hiera (~> 1.0)
      rgen (~> 0.6.5)
    puppet-lint (0.3.2)
    rgen (0.6.6)
    slop (3.4.7)
    thor (0.18.1)

PLATFORMS
  ruby

DEPENDENCIES
  chromatic
  librarian-puppet
  pry
  puppet
  puppet-lint
